GEM
  remote: https://rubygems.org/
  specs:
    childprocess (3.0.0)
    minitest (5.14.2)
    rake (13.0.1)
    regexp_parser (1.8.2)
    rubyzip (2.3.0)
    selenium-webdriver (3.142.7)
      childprocess (>= 0.5, < 4.0)
      rubyzip (>= 1.2.2)
    watir (6.16.5)
      regexp_parser (~> 1.2)
      selenium-webdriver (~> 3.6)

PLATFORMS
  ruby

DEPENDENCIES
  minitest (= 5.14.2)
  rake
  watir (= 6.16.5)

BUNDLED WITH
   2.1.4
